GEM
  remote: http://rubygems.org/
  specs:
    RedCloth (4.2.7)
    archive-tar-minitar (0.5.2)
    classifier (1.3.3)
      fast-stemmer (>= 1.0.0)
    columnize (0.3.2)
    directory_watcher (1.4.0)
    fast-stemmer (1.0.0)
    gsl (1.14.7)
      narray (>= 0.5.9)
    jekyll (0.10.0)
      classifier (>= 1.3.1)
      directory_watcher (>= 1.1.1)
      liquid (>= 1.9.0)
      maruku (>= 0.5.9)
    linecache19 (0.5.11)
      ruby_core_source (>= 0.1.4)
    liquid (2.2.2)
    maruku (0.6.0)
      syntax (>= 1.0.0)
    narray (0.5.9.9)
    rack (1.2.2)
    rdiscount (1.6.8)
    ruby-debug-base19 (0.11.24)
      columnize (>= 0.3.1)
      linecache19 (>= 0.5.11)
      ruby_core_source (>= 0.1.4)
    ruby-debug19 (0.11.6)
      columnize (>= 0.3.1)
      linecache19 (>= 0.5.11)
      ruby-debug-base19 (>= 0.11.19)
    ruby_core_source (0.1.4)
      archive-tar-minitar (>= 0.5.2)
    sinatra (1.2.1)
      rack (~> 1.1)
      tilt (< 2.0, >= 1.2.2)
    syntax (1.0.0)
    tilt (1.2.2)

PLATFORMS
  ruby

DEPENDENCIES
  RedCloth
  gsl
  jekyll
  rdiscount
  ruby-debug19
  sinatra
